NUGET
  remote: https://nuget.org/api/v2
  specs:
    EventStore.Client (3.3.1)
    Nancy (1.4.1)
    Nancy.Hosting.Aspnet (1.4.1)
      Nancy (>= 1.4.1)
    Newtonsoft.Json (7.0.1)
    NUnit (3.0.1) - framework: >= net46
